GEM
  remote: https://rubygems.org/
  specs:
    addressable (2.5.1)
      public_suffix (~> 2.0, >= 2.0.2)
    capybara (2.15.1)
      addressable
      mini_mime (>= 0.1.3)
      nokogiri (>= 1.3.3)
      rack (>= 1.0.0)
      rack-test (>= 0.5.4)
      xpath (~> 2.0)
    coderay (1.1.1)
    launchy (2.4.3)
      addressable (~> 2.3)
    method_source (0.8.2)
    mini_mime (0.1.3)
    mini_portile2 (2.2.0)
    minitest (5.10.3)
    nokogiri (1.8.0)
      mini_portile2 (~> 2.2.0)
    pry (0.10.4)
      coderay (~> 1.1.0)
      method_source (~> 0.8.1)
      slop (~> 3.4)
    public_suffix (2.0.5)
    rack (2.0.3)
    rack-test (0.7.0)
      rack (>= 1.0, < 3)
    rake (12.0.0)
    slop (3.6.0)
    xpath (2.1.0)
      nokogiri (~> 1.3)

PLATFORMS
  ruby

DEPENDENCIES
  capybara
  launchy
  minitest
  pry
  rack
  rake

BUNDLED WITH
   1.15.3
